GEM
  remote: https://rubygems.org/
  specs:
    byebug (11.1.3)
    clipboard (1.3.6)
    coderay (1.1.3)
    colorize (0.8.1)
    dotenv (2.7.6)
    faraday (0.17.3)
      multipart-post (>= 1.2, < 3)
    method_source (1.0.0)
    multipart-post (2.1.1)
    pry (0.13.1)
      coderay (~> 1.1)
      method_source (~> 1.0)
    pry-byebug (3.9.0)
      byebug (~> 11.0)
      pry (~> 0.13.0)

PLATFORMS
  ruby

DEPENDENCIES
  byebug
  clipboard
  colorize
  dotenv
  faraday
  pry-byebug

BUNDLED WITH
   2.2.32
